GIT
  remote: https://github.com/bullno1/squib.git
  revision: 8c2286e1a7d8ebe12209bac652eed96183394f50
  branch: fix-vertical-autoscale
  specs:
    squib (0.20.0a)
      cairo (~> 1.17, >= 1.17.8)
      classy_hash (= 1.0.0)
      gio2 (~> 4.1, >= 4.1.2)
      gobject-introspection (~> 4.1, >= 4.1.2)
      highline (= 2.1.0)
      mercenary (= 0.4.0)
      nokogiri (~> 1.14, >= 1.14.2)
      pango (~> 4.1, >= 4.1.2)
      rainbow (~> 3.1)
      roo (~> 2.9)
      rsvg2 (~> 4.1, >= 4.1.2)
      ruby-progressbar (~> 1.11)

GEM
  remote: https://rubygems.org/
  specs:
    cairo (1.17.13)
      native-package-installer (>= 1.0.3)
      pkg-config (>= 1.2.2)
      red-colors
    cairo-gobject (4.2.2)
      cairo (>= 1.16.2)
      glib2 (= 4.2.2)
    classy_hash (1.0.0)
    coderay (1.1.3)
    ffi (1.17.0-x86_64-linux-gnu)
    fiddle (1.1.2)
    formatador (1.1.0)
    gdk_pixbuf2 (4.2.2)
      gio2 (= 4.2.2)
    gio2 (4.2.2)
      fiddle
      gobject-introspection (= 4.2.2)
    glib2 (4.2.2)
      native-package-installer (>= 1.0.3)
      pkg-config (>= 1.3.5)
    gobject-introspection (4.2.2)
      glib2 (= 4.2.2)
    guard (2.18.1)
      formatador (>= 0.2.4)
      listen (>= 2.7, < 4.0)
      lumberjack (>= 1.0.12, < 2.0)
      nenv (~> 0.1)
      notiffany (~> 0.0)
      pry (>= 0.13.0)
      shellany (~> 0.0)
      thor (>= 0.18.1)
    guard-rake (1.0.0)
      guard
      rake
    highline (2.1.0)
    json (2.7.2)
    listen (3.9.0)
      rb-fsevent (~> 0.10, >= 0.10.3)
      rb-inotify (~> 0.9, >= 0.9.10)
    lumberjack (1.2.10)
    matrix (0.4.2)
    mercenary (0.4.0)
    method_source (1.1.0)
    native-package-installer (1.1.9)
    nenv (0.3.0)
    nokogiri (1.16.6-x86_64-linux)
      racc (~> 1.4)
    notiffany (0.1.3)
      nenv (~> 0.1)
      shellany (~> 0.0)
    pango (4.2.2)
      cairo-gobject (= 4.2.2)
      gobject-introspection (= 4.2.2)
    pkg-config (1.5.6)
    pry (0.14.2)
      coderay (~> 1.1)
      method_source (~> 1.0)
    racc (1.8.0)
    rainbow (3.1.1)
    rake (13.2.1)
    rb-fsevent (0.11.2)
    rb-inotify (0.11.1)
      ffi (~> 1.0)
    red-colors (0.4.0)
      json
      matrix
    roo (2.10.1)
      nokogiri (~> 1)
      rubyzip (>= 1.3.0, < 3.0.0)
    rsvg2 (4.2.2)
      cairo-gobject (= 4.2.2)
      gdk_pixbuf2 (= 4.2.2)
    ruby-progressbar (1.13.0)
    rubyzip (2.3.2)
    shellany (0.0.1)
    thor (1.3.1)

PLATFORMS
  x86_64-linux

DEPENDENCIES
  guard
  guard-rake
  rake
  squib!

BUNDLED WITH
   2.3.26
